GEM
  remote: https://rubygems.org/
  specs:
    addressable (2.7.0)
      public_suffix (>= 2.0.2, < 5.0)
    clockwork (2.0.3)
      tzinfo
    css_parser (1.7.0)
      addressable
    dotenv (2.4.0)
    json (2.3.0)
    keen (1.1.1)
      addressable (~> 2.5)
      multi_json (~> 1.12)
    mail (2.7.0)
      mini_mime (>= 0.1.1)
    mini_mime (1.0.0)
    mini_portile2 (2.5.3)
    multi_json (1.13.1)
    mustermann (1.0.3)
    nokogiri (1.11.7)
      mini_portile2 (~> 2.5.0)
      racc (~> 1.4)
    public_suffix (4.0.1)
    pushpop (0.4.0)
      clockwork
      dotenv
      sinatra
      thor
    pushpop-keen (0.3)
      keen
      pushpop
    pushpop-sendgrid (0.1.3)
      mail
      pushpop
    racc (1.5.2)
    rack (2.2.3)
    rack-protection (2.0.7)
      rack
    roadie (4.0.0)
      css_parser (~> 1.4)
      nokogiri (~> 1.8)
    sinatra (2.0.7)
      mustermann (~> 1.0)
      rack (~> 2.0)
      rack-protection (= 2.0.7)
      tilt (~> 2.0)
    thor (0.20.0)
    thread_safe (0.3.6)
    tilt (2.0.9)
    tzinfo (1.2.5)
      thread_safe (~> 0.1)

PLATFORMS
  ruby

DEPENDENCIES
  json (~> 2.3.0)
  pushpop
  pushpop-keen
  pushpop-sendgrid
  roadie

BUNDLED WITH
   1.16.1
